##TITLE= Parameter file, TopSpin 3.6.2
##JCAMPDX= 5.0
##DATATYPE= Parameter Values
##NPOINTS= 21639	$$ modification sequence number
##ORIGIN= Bruker BioSpin GmbH
##OWNER= nmrsu
$$ 2022-08-30 11:50:20.232 +0800  NMR User1@OC-NMR1-PC
$$ C:/Bruker/TopSpin3.6.2/conf/instr/spect/specpar
$$ process C:\Bruker\TopSpin3.6.2\prog\mod\hconfserver.exe
##$HPPRECH= (0..15)
-1 -1 -1 -1 -1 -1 -1 -1 -1 -1 -1 -1 -1 -1 -1 -1
##$HPSELECT= no
##$NUC1= 10
##$NUC2= 0
##$NUC3= 0
##$NUC4= 0
##$NUC5= 0
##$NUC6= 0
##$NUC7= 0
##$NUC8= 0
##$NUCARR= (0..123)
400.17 400.17 61.428531475 426.837224756 304.845408259 58.889361346 155.521256455
56.231140082 42.992896219 128.390438756 100.622826534 28.917552739 40.54887395
54.248873977 376.536003819 31.590604303 105.85256823 24.49694678 104.27173266
79.502522218 161.991785261 30.7170492 39.208292445 32.636764733 18.673424834
23.217935431 10.249574219 26.931557049 97.20828397 22.559719808 22.565734363
39.898185525 105.256507012 22.619593243 99.199013671 12.956616223 94.948632026
35.759395287 106.106968304 113.663058278 25.037848565 96.046218302 122.038660397
13.959190136 68.519564444 76.318473572 20.879758127 100.258511766 108.071983081
15.39694092 38.636185403 130.937440772 17.342655497 19.609122337 37.200995707
97.946289489 26.078782774 26.626091282 90.071568154 18.428432757 20.654250327
12.75120496 18.31217937 16.198157292 18.622043006 84.897986316 88.810428398
87.500191784 87.687767469 130.930617873 142.58961084 149.225922074 95.762989981
51.858898669 104.723456561 126.252710607 80.063956726 111.288021316 32.989698666
52.486865441 39.754716577 44.470603978 52.79963031 56.52657759 122.532054
21.809265 13.445712 16.687089 13.765848 99.482262 43.938666 12.285219 16.126851
96.200868 13.765848 19.288194 85.396278 11.524896 33.174093 70.02697282
19.2921957 45.6353868 32.5378227 16.0348119 10.0722789 47.97878232 16.672630858
90.13669182 91.04507772 9.133203963 31.07480118 6.8749206 7.4871807 86.023680533
6.9189393 71.673736397 26.457571691 228.58990944 230.833414525 83.717961018
64.30446979 7.36873038 14.526171 100
##$NUCOFFS= (0..127)
<2H> <13C> <1H> <19F> <11B> <> <> <> <> <> <> <> <> <> <> <> <> <> <> <>
<> <> <> <> <> <> <> <> <> <> <> <> <> <> <> <> <> <> <> <> <> <> <> <>
<> <> <> <> <> <> <> <> <> <> <> <> <> <> <> <> <> <> <> <> <> <> <> <>
<> <> <> <> <> <> <> <> <> <> <> <> <> <> <> <> <> <> <> <> <> <> <> <>
<> <> <> <> <> <> <> <> <> <> <> <> <> <> <> <> <> <> <> <> <> <> <> <>
<> <> <> <> <> <> <> <> <> <> <> <>
##$OFFS= (0..127)
0 0 0 0 0 0 0 0 0 0 0 0 0 0 0 0 0 0 0 0 0 0 0 0 0 0 0 0 0 0 0 0 0 0 0 0
0 0 0 0 0 0 0 0 0 0 0 0 0 0 0 0 0 0 0 0 0 0 0 0 0 0 0 0 0 0 0 0 0 0 0 0
0 0 0 0 0 0 0 0 0 0 0 0 0 0 0 0 0 0 0 0 0 0 0 0 0 0 0 0 0 0 0 0 0 0 0 0
0 0 0 0 0 0 0 0 0 0 0 0 0 0 0 0 0 0 0 0
##$OFFSF= (0..7)
0 0 0 0 0 0 0 0
##$OFFSH= (0..7)
3081.00000000877 1072.7 0 0 0 0 0 0
##$OFFSX= (0..7)
10061.3000000038 5 0 0 0 0 0 0
##$PRECHAN= (0..15)
-1 3 0 1 -1 -1 -1 -1 -1 -1 -1 -1 -1 -1 -1 -1
##$RECPRE= (0..15)
-1 0 -1 -1 -1 -1 -1 -1 -1 -1 -1 -1 -1 -1 -1 -1
##$RECPRFX= (0..15)
1 0 0 0 0 0 0 0 0 0 0 0 0 0 0 0
##$RECSEL= (0..15)
0 0 1 0 0 0 0 0 0 0 0 0 0 0 0 0
##$SELREC= (0..9)
0 0 0 0 0 0 0 0 0 0
##$SFO1= 100.622827
##$SFO2= 400.17
##$SFO3= 400.171601
##$SFO4= 400.171601
##$SFO5= 400.171601
##$SFO6= 400.171601
##$SFO7= 400.171601
##$SFO8= 400.171601
##END=
